GEM
  remote: http://rubygems.org/
  specs:
    Platform (0.4.0)
    RedCloth (4.2.9)
    abstract (1.0.0)
    actionmailer (3.0.3)
      actionpack (= 3.0.3)
      mail (~> 2.2.9)
    actionpack (3.0.3)
      activemodel (= 3.0.3)
      activesupport (= 3.0.3)
      builder (~> 2.1.2)
      erubis (~> 2.6.6)
      i18n (~> 0.4)
      rack (~> 1.2.1)
      rack-mount (~> 0.6.13)
      rack-test (~> 0.5.6)
      tzinfo (~> 0.3.23)
    activemerchant (1.9.1)
      activesupport (>= 2.3.2)
      braintree (>= 2.0.0)
      builder (>= 2.0.0)
    activemodel (3.0.3)
      activesupport (= 3.0.3)
      builder (~> 2.1.2)
      i18n (~> 0.4)
    activerecord (3.0.3)
      activemodel (= 3.0.3)
      activesupport (= 3.0.3)
      arel (~> 2.0.2)
      tzinfo (~> 0.3.23)
    activeresource (3.0.3)
      activemodel (= 3.0.3)
      activesupport (= 3.0.3)
    activesupport (3.0.3)
    acts-as-taggable-on (2.3.3)
      rails (~> 3.0)
    acts_as_list (0.1.9)
    airbrake (3.1.15)
      builder
      multi_json
    akami (1.2.1)
      gyoku (>= 0.4.0)
      nokogiri
    archive-zip (0.5.0)
      io-like (>= 0.3.0)
    arel (2.0.10)
    authlogic (3.2.0)
      activerecord (>= 3.0.0)
      activesupport (>= 3.0.0)
    awesome_print (1.1.0)
    aws-s3 (0.6.3)
      builder
      mime-types
      xml-simple
    backports (3.6.0)
    better_errors (1.1.0)
      coderay (>= 1.0.0)
      erubis (>= 2.6.6)
    better_partials (1.0.1)
    binding_of_caller (0.7.2)
      debug_inspector (>= 0.0.1)
    bourne (1.1.2)
      mocha (= 0.10.5)
    braintree (2.22.0)
      builder (>= 2.0.0)
    browser (0.4.1)
    bson (1.4.0)
    bson_ext (1.4.0)
    builder (2.1.2)
    chronic (0.9.1)
    coderay (1.1.0)
    colorblind (1.0.1)
      activesupport (>= 3.0.0)
      activesupport (>= 3.0.0)
    columnize (0.3.6)
    compass (0.10.6)
      haml (>= 3.0.4)
    configatron (2.9.1)
      yamler (>= 0.1.0)
    curb (0.8.5)
    daemons (1.1.9)
    databasedotcom (1.3.2)
      activesupport
      json
      multipart-post (~> 1.1)
    debug_inspector (0.0.2)
    debugger (1.6.6)
      columnize (>= 0.3.1)
      debugger-linecache (~> 1.2.0)
      debugger-ruby_core_source (~> 1.3.2)
    debugger-linecache (1.2.0)
    debugger-ruby_core_source (1.3.2)
    delayed_job (3.0.5)
      activesupport (~> 3.0)
    encosion (0.3.2)
      httpclient (>= 2.1.5.2)
      json (>= 1.1.7)
    erubis (2.6.6)
      abstract (>= 1.0.0)
    ey_config (0.0.7)
    factory_girl (4.1.0)
      activesupport (>= 3.0.0)
    faraday (0.8.7)
      multipart-post (~> 1.1)
    ffi (1.9.3)
    formtastic (1.1.0)
      actionpack (>= 2.3.0)
      activesupport (>= 2.3.0)
      i18n (>= 0.4.0)
    gengo (0.0.5)
      json
      mime-types
      multipart-post
    google-spreadsheet-ruby (0.3.1)
      google_drive (>= 0.3.0)
    google_drive (0.3.7)
      nokogiri (>= 1.4.4, != 1.5.2, != 1.5.1)
      oauth (>= 0.3.6)
      oauth2 (>= 0.5.0)
    gyoku (1.1.1)
      builder (>= 2.1.2)
    haml (3.0.25)
    highline (1.6.21)
    hirb (0.7.1)
    holidays (1.0.6)
    hpricot (0.8.6)
    htmlentities (4.3.1)
    httparty (0.10.2)
      multi_json (~> 1.0)
      multi_xml (>= 0.5.2)
    httpclient (2.3.4.1)
    httpi (1.1.1)
      rack
    i18n (0.6.9)
    interactive_editor (0.0.10)
      spoon (>= 0.0.1)
    io-like (0.3.0)
    json (1.7.7)
    jwt (0.1.11)
      multi_json (>= 1.5)
    mail (2.2.20)
      activesupport (>= 2.3.6)
      i18n (>= 0.4.0)
      mime-types (~> 1.16)
      treetop (~> 1.4.8)
    meta_search (1.0.6)
      actionpack (~> 3.0.2)
      activerecord (~> 3.0.2)
      activesupport (~> 3.0.2)
      arel (~> 2.0.2)
    metaclass (0.0.4)
    method_source (0.8.2)
    mime (0.3.0)
    mime-types (1.25.1)
    mocha (0.10.5)
      metaclass (~> 0.0.1)
    money (5.1.1)
      i18n (~> 0.6.0)
    multi_json (1.9.0)
    multi_xml (0.5.5)
    multipart-post (1.1.5)
    mygengo (1.17)
      json
      mime-types
      multipart-post
    newrelic_rpm (3.5.5.38)
    nokogiri (1.5.11)
    nori (1.1.5)
    oauth (0.4.7)
    oauth2 (0.9.3)
      faraday (>= 0.8, < 0.10)
      jwt (~> 0.1.8)
      multi_json (~> 1.3)
      multi_xml (~> 0.5)
      rack (~> 1.2)
    open4 (1.3.3)
    options (2.3.2)
    pdfkit (0.5.4)
    plist (3.1.0)
    polyglot (0.3.4)
    pr_geohash (1.0.0)
    progress_bar (0.4.1)
      highline (~> 1.6.1)
      options (~> 2.3.0)
    pry (0.9.12.6)
      coderay (~> 1.0)
      method_source (~> 0.8)
      slop (~> 3.4)
    pry-rails (0.3.2)
      pry (>= 0.9.10)
    rack (1.2.8)
    rack-mount (0.6.14)
      rack (>= 1.0.0)
    rack-test (0.5.7)
      rack (>= 1.0)
    rails (3.0.3)
      actionmailer (= 3.0.3)
      actionpack (= 3.0.3)
      activerecord (= 3.0.3)
      activeresource (= 3.0.3)
      activesupport (= 3.0.3)
      bundler (~> 1.0)
      railties (= 3.0.3)
    railties (3.0.3)
      actionpack (= 3.0.3)
      activesupport (= 3.0.3)
      rake (>= 0.8.7)
      thor (~> 0.14.4)
    rake (0.9.6)
    rchardet (1.3.1)
    redis (3.0.7)
    redis-namespace (1.4.1)
      redis (~> 3.0.4)
    resque (1.23.1)
      multi_json (~> 1.0)
      redis-namespace (~> 1.0)
      sinatra (>= 0.9.2)
      vegas (~> 0.1.2)
    resque-retry (1.0.0)
      resque (>= 1.10.0)
      resque-scheduler (>= 1.9.9)
    resque-scheduler (2.2.0)
      redis (>= 3.0.0)
      resque (>= 1.20.0, < 1.25)
      rufus-scheduler (~> 2.0)
    rest-client (1.6.7)
      mime-types (>= 1.16)
    right_aws (3.0.5)
      right_http_connection (>= 1.2.5)
    right_http_connection (1.3.0)
    rsolr (1.0.9)
      builder (>= 2.1.2)
    ruby-gmail (0.3.0)
      mail (>= 2.2.1)
      mime (>= 0.1)
      shared-mime-info
    ruby-hmac (0.4.0)
    rubyzip (0.9.9)
    rufus-scheduler (2.0.24)
      tzinfo (>= 0.3.22)
    s3_swf_upload (0.3.3)
    savon (0.9.14)
      akami (~> 1.1)
      builder (>= 2.1.2)
      gyoku (>= 0.4.0)
      httpi (~> 1.0)
      nokogiri (>= 1.4.0)
      nori (~> 1.1)
      wasabi (~> 2.2)
    sendgrid (1.1.0)
      json
      json
    sexpistol (0.0.7)
    shared-mime-info (0.2.5)
    shoulda (3.3.2)
      shoulda-context (~> 1.0.1)
      shoulda-matchers (~> 1.4.1)
    shoulda-context (1.0.2)
    shoulda-matchers (1.4.2)
      activesupport (>= 3.0.0)
      bourne (~> 1.1.2)
    simple-rss (1.2.3)
    sinatra (1.2.9)
      backports
      rack (~> 1.1, < 1.5)
      tilt (>= 1.2.2, < 2.0)
    single_test (0.5.2)
      rake (> 0.9)
    slop (3.4.7)
    spoon (0.0.4)
      ffi
    sprocketizer (1.0.3)
      sprockets (= 1.0.2)
    sprockets (1.0.2)
    sqlite3 (1.3.9)
    sqlite3-ruby (1.3.3)
      sqlite3 (>= 1.3.3)
    ssl_requirement (0.1.0)
    sunspot (1.3.3)
      pr_geohash (~> 1.0)
      rsolr (~> 1.0.7)
    sunspot_rails (1.3.3)
      nokogiri
      sunspot (= 1.3.3)
    sunspot_solr (1.3.3)
    textpow (1.3.1)
      plist (>= 3.0.1)
    thor (0.14.6)
    tilt (1.4.1)
    timecop (0.5.9.2)
    transitions (0.0.18)
    treetop (1.4.15)
      polyglot
      polyglot (>= 0.3.1)
    tzinfo (0.3.38)
    ultraviolet (1.0.1)
      textpow (>= 1.3.0)
    utility_belt (1.1.0)
      Platform (>= 0.4.0)
      aws-s3 (>= 0.4.0)
      wirble (>= 0.1.2)
    vegas (0.1.11)
      rack (>= 1.0.0)
    wasabi (2.5.1)
      httpi (~> 1.0)
      nokogiri (>= 1.4.0)
    whenever (0.8.4)
      activesupport (>= 2.3.4)
      chronic (>= 0.6.3)
    will_paginate (3.0.5)
    wirble (0.1.3)
    wuparty (1.0.2)
      httparty (>= 0.6.1)
      mime-types (>= 1.16)
      multipart-post (>= 1.0.1)
    xml-simple (1.1.3)
    yamler (0.1.0)
    youtube-g (0.5.0)

PLATFORMS
  ruby

DEPENDENCIES
  RedCloth (~> 4.2.9)
  activemerchant (= 1.9.1)
  acts-as-taggable-on (~> 2.3.3)
  acts_as_list (~> 0.1.9)
  airbrake (~> 3.1.6)
  archive-zip (~> 0.5.0)
  arel (~> 2.0.10)
  authlogic (~> 3.2.0)
  awesome_print (~> 1.1.0)
  aws-s3 (~> 0.6.3)
  better_errors (~> 1.1.0)
  better_partials (~> 1.0.1)
  binding_of_caller (~> 0.7.2)
  braintree (~> 2.22.0)
  browser (~> 0.4.0)
  bson (~> 1.4.0)
  bson_ext (~> 1.4.0)
  builder (~> 2.1.2)
  chronic (~> 0.9.0)
  colorblind (~> 1.0.1)
  compass (~> 0.10.6)
  configatron (~> 2.9.1)
  curb (~> 0.8.3)
  daemons (~> 1.1.9)
  databasedotcom (~> 1.3.2)
  debugger
  delayed_job (~> 3.0.4)
  encosion (~> 0.3.2)
  ey_config (~> 0.0.6)
  factory_girl (~> 4.1.0)
  formtastic (~> 1.1.0)
  gengo (~> 0.0.2)
  google-spreadsheet-ruby (~> 0.3.0)
  haml (~> 3.0.25)
  hirb (~> 0.7.0)
  holidays (~> 1.0.5)
  hpricot (~> 0.8.6)
  htmlentities (~> 4.3.1)
  httparty (~> 0.10.2)
  httpclient (~> 2.3.2)
  i18n (~> 0.6.4)
  interactive_editor (~> 0.0.10)
  json (~> 1.7.7)
  mail (~> 2.2.19)
  meta_search (~> 1.0.6)
  mime (~> 0.1)
  mocha (~> 0.10.5)
  money (~> 5.1.0)
  multipart-post (~> 1.1.5)
  mygengo (~> 1.17)
  newrelic_rpm (~> 3.5.5.0)
  nokogiri (~> 1.5.6)
  open4 (~> 1.3.0)
  pdfkit (~> 0.5.4)
  progress_bar (~> 0.4.0)
  pry-rails (~> 0.3.2)
  rack (~> 1.2.7)
  rack-mount (~> 0.6.14)
  rack-test (~> 0.5.7)
  rails (= 3.0.3)
  rake (~> 0.9.0)
  rchardet (~> 1.3.1)
  resque (~> 1.23.0)
  resque-retry (~> 1.0.0)
  rest-client (~> 1.6.7)
  right_aws (~> 3.0.4)
  right_http_connection (~> 1.3.0)
  ruby-gmail (~> 0.3.0)
  ruby-hmac (~> 0.4.0)
  rubyzip (~> 0.9.9)
  s3_swf_upload (~> 0.3.2)
  savon (~> 0.9.9)
  sendgrid (~> 1.1.0)
  sexpistol (~> 0.0.7)
  shoulda (~> 3.3.2)
  simple-rss (~> 1.2.3)
  single_test (~> 0.5.1)
  sprocketizer (~> 1.0.3)
  sprockets (~> 1.0.2)
  sqlite3-ruby
  ssl_requirement (~> 0.1.0)
  sunspot_rails (~> 1.3.3)
  sunspot_solr (~> 1.3.3)
  timecop (~> 0.5.9)
  transitions (~> 0.0.9)
  tzinfo (~> 0.3.37)
  ultraviolet (~> 1.0.0)
  utility_belt (~> 1.1.0)
  whenever (~> 0.8.2)
  will_paginate (~> 3.0.4)
  wirble (~> 0.1.3)
  wuparty (~> 1.0.2)
  xml-simple (~> 1.1.2)
  youtube-g (~> 0.5.0)
